GEM
  remote: https://rubygems.org/
  specs:
    yalemenus (1.0.0)

PLATFORMS
  ruby

DEPENDENCIES
  yalemenus

BUNDLED WITH
   1.17.2
